GIT
  remote: https://github.com/blaked84/notion-sdk-ruby
  revision: 6b6b0962c8e9f99826fdcba8aeb36e247fd827d8
  branch: main
  specs:
    notion-sdk-ruby (0.2.1)
      httparty (~> 0.18.1)

GEM
  remote: https://rubygems.org/
  specs:
    alfred-3_workflow (0.1.0)
    httparty (0.18.1)
      mime-types (~> 3.0)
      multi_xml (>= 0.5.2)
    mime-types (3.3.1)
      mime-types-data (~> 3.2015)
    mime-types-data (3.2021.0225)
    multi_xml (0.6.0)

PLATFORMS
  ruby
  x86_64-darwin-20

DEPENDENCIES
  alfred-3_workflow
  notion-sdk-ruby!

BUNDLED WITH
   1.17.2
